PATH
  remote: .
  specs:
    ruby-rtf (0.0.2)

GEM
  remote: http://rubygems.org/
  specs:
    abstract_type (0.0.7)
    activesupport (4.2.1)
      i18n (~> 0.7)
      json (~> 1.7, >= 1.7.7)
      minitest (~> 5.1)
      thread_safe (~> 0.3, >= 0.3.4)
      tzinfo (~> 1.1)
    adamantium (0.2.0)
      ice_nine (~> 0.11.0)
      memoizable (~> 0.4.0)
    addressable (2.3.8)
    arrayfields (4.9.2)
    ast (2.0.0)
    cane (2.6.2)
      parallel
    chronic (0.10.2)
    churn (0.0.35)
      chronic (>= 0.2.3)
      hirb
      json_pure
      main
      rest-client (>= 1.6.0)
      ruby_parser (~> 3.0)
      sexp_processor (~> 4.1)
    code_analyzer (0.4.5)
      sexp_processor
    code_metrics (0.1.3)
    coderay (1.1.0)
    colored (1.2)
    concord (0.1.5)
      adamantium (~> 0.2.0)
      equalizer (~> 0.0.9)
    diff-lcs (1.2.5)
    domain_name (0.5.24)
      unf (>= 0.0.5, < 1.0.0)
    equalizer (0.0.11)
    erubis (2.7.0)
    fattr (2.2.2)
    flay (2.6.1)
      ruby_parser (~> 3.0)
      sexp_processor (~> 4.0)
    flog (4.3.2)
      ruby_parser (~> 3.1, > 3.1.0)
      sexp_processor (~> 4.4)
    hirb (0.7.3)
    http-cookie (1.0.2)
      domain_name (~> 0.5)
    i18n (0.7.0)
    ice_nine (0.11.1)
    infinity_test (1.0.3)
      notifiers (>= 1.1.0)
      watchr (>= 0.7)
    json (1.8.2)
    json_pure (1.8.2)
    launchy (2.4.3)
      addressable (~> 2.3)
    main (6.1.0)
      arrayfields (>= 4.7.4)
      chronic (>= 0.6.2)
      fattr (>= 2.2.0)
      map (>= 5.1.0)
    map (6.5.5)
    memoizable (0.4.2)
      thread_safe (~> 0.3, >= 0.3.1)
    metric_fu (4.11.4)
      cane (~> 2.5, >= 2.5.2)
      churn (~> 0.0.35)
      code_metrics (~> 0.1)
      coderay
      flay (~> 2.1, >= 2.0.1)
      flog (~> 4.1, >= 4.1.1)
      launchy (~> 2.0)
      metric_fu-Saikuro (~> 1.1, >= 1.1.3)
      multi_json
      rails_best_practices (~> 1.14, >= 1.14.3)
      redcard
      reek (~> 1.3, >= 1.3.4)
      roodi (~> 3.1)
    metric_fu-Saikuro (1.1.3)
    mime-types (2.5)
    minitest (5.6.1)
    multi_json (1.11.0)
    netrc (0.10.3)
    notifiers (1.2.2)
    parallel (1.4.1)
    parser (2.2.2.2)
      ast (>= 1.1, < 3.0)
    procto (0.0.2)
    rails_best_practices (1.15.7)
      activesupport
      code_analyzer (>= 0.4.3)
      colored
      erubis
      i18n
      json
      require_all
      ruby-progressbar
    rainbow (2.0.0)
    redcard (1.1.0)
    reek (1.6.6)
      parser (~> 2.2.0.pre.7)
      rainbow (>= 1.99, < 3.0)
      unparser (~> 0.2.2)
    require_all (1.3.2)
    rest-client (1.8.0)
      http-cookie (>= 1.0.2, < 2.0)
      mime-types (>= 1.16, < 3.0)
      netrc (~> 0.7)
    roodi (3.3.1)
      ruby_parser (~> 3.2, >= 3.2.2)
    rspec (3.2.0)
      rspec-core (~> 3.2.0)
      rspec-expectations (~> 3.2.0)
      rspec-mocks (~> 3.2.0)
    rspec-core (3.2.3)
      rspec-support (~> 3.2.0)
    rspec-expectations (3.2.1)
      diff-lcs (>= 1.2.0, < 2.0)
      rspec-support (~> 3.2.0)
    rspec-mocks (3.2.1)
      diff-lcs (>= 1.2.0, < 2.0)
      rspec-support (~> 3.2.0)
    rspec-support (3.2.2)
    ruby-progressbar (1.7.5)
    ruby_parser (3.6.6)
      sexp_processor (~> 4.1)
    sexp_processor (4.5.1)
    thread_safe (0.3.5)
    tzinfo (1.2.2)
      thread_safe (~> 0.1)
    unf (0.1.4)
      unf_ext
    unf_ext (0.0.7.1)
    unparser (0.2.3)
      abstract_type (~> 0.0.7)
      adamantium (~> 0.2.0)
      concord (~> 0.1.5)
      diff-lcs (~> 1.2.5)
      equalizer (~> 0.0.9)
      parser (~> 2.2.2, >= 2.2.2.2)
      procto (~> 0.0.2)
    watchr (0.7)
    yard (0.8.7.6)

PLATFORMS
  ruby

DEPENDENCIES
  infinity_test
  metric_fu
  rspec (> 2.0)
  ruby-rtf!
  yard
