PATH
  remote: .
  specs:
    ruby-rtf (0.0.5)

GEM
  remote: http://rubygems.org/
  specs:
    diff-lcs (1.3)
    rspec (3.6.0)
      rspec-core (~> 3.6.0)
      rspec-expectations (~> 3.6.0)
      rspec-mocks (~> 3.6.0)
    rspec-core (3.6.0)
      rspec-support (~> 3.6.0)
    rspec-expectations (3.6.0)
      diff-lcs (>= 1.2.0, < 2.0)
      rspec-support (~> 3.6.0)
    rspec-mocks (3.6.0)
      diff-lcs (>= 1.2.0, < 2.0)
      rspec-support (~> 3.6.0)
    rspec-support (3.6.0)
    yard (0.9.36)

PLATFORMS
  ruby

DEPENDENCIES
  rspec (> 2.0)
  ruby-rtf!
  yard (~> 0.9.11)

BUNDLED WITH
   1.16.1
